GEM
  remote: http://rubygems.org/
  specs:
    ffi (0.6.3)
      rake (>= 0.8.7)
    flay (1.4.1)
      ruby_parser (~> 2.0)
      sexp_processor (~> 3.0)
    flog (2.5.0)
      ruby_parser (~> 2.0)
      sexp_processor (~> 3.0)
    nice-ffi (0.4)
      ffi (>= 0.5.0)
    rake (0.8.7)
    roodi (2.1.0)
      ruby_parser
    rspec (1.3.0)
    ruby-sdl-ffi (0.3)
      nice-ffi (>= 0.2)
    ruby_parser (2.0.5)
      sexp_processor (~> 3.0)
    rubygame (2.6.4)
      rake (>= 0.7.0)
      ruby-sdl-ffi (>= 0.1.0)
    sexp_processor (3.0.5)

PLATFORMS
  ruby

DEPENDENCIES
  flay
  flog
  rake
  roodi
  rspec
  rubygame
