GEM
  remote: http://rubygems.org/
  specs:
    archive-tar-minitar (0.5.2)
    columnize (0.3.2)
    diff-lcs (1.1.2)
    flay (1.4.2)
      ruby_parser (~> 2.0)
      sexp_processor (~> 3.0)
    flog (2.5.1)
      ruby_parser (~> 2.0)
      sexp_processor (~> 3.0)
    gosu (0.7.31)
    hash-to-ostruct (0.0.1)
    linecache19 (0.5.12)
      ruby_core_source (>= 0.1.4)
    rake (0.8.7)
    rcov (0.9.9)
    roodi (2.1.0)
      ruby_parser
    rspec (2.5.0)
      rspec-core (~> 2.5.0)
      rspec-expectations (~> 2.5.0)
      rspec-mocks (~> 2.5.0)
    rspec-core (2.5.1)
    rspec-expectations (2.5.0)
      diff-lcs (~> 1.1.2)
    rspec-mocks (2.5.0)
    ruby-debug-base19 (0.11.25)
      columnize (>= 0.3.1)
      linecache19 (>= 0.5.11)
      ruby_core_source (>= 0.1.4)
    ruby-debug19 (0.11.6)
      columnize (>= 0.3.1)
      linecache19 (>= 0.5.11)
      ruby-debug-base19 (>= 0.11.19)
    ruby_core_source (0.1.5)
      archive-tar-minitar (>= 0.5.2)
    ruby_parser (2.0.6)
      sexp_processor (~> 3.0)
    sexp_processor (3.0.5)

PLATFORMS
  ruby

DEPENDENCIES
  flay
  flog
  gosu
  hash-to-ostruct
  rake
  rcov
  roodi
  rspec
  ruby-debug19
