GEM
  remote: http://rubygems.org/
  specs:
    flay (1.4.1)
      ruby_parser (~> 2.0)
      sexp_processor (~> 3.0)
    flog (2.5.0)
      ruby_parser (~> 2.0)
      sexp_processor (~> 3.0)
    gosu (0.7.24)
    rake (0.8.7)
    rcov (0.9.9)
    roodi (2.1.0)
      ruby_parser
    rspec (1.3.0)
    ruby_parser (2.0.5)
      sexp_processor (~> 3.0)
    sexp_processor (3.0.5)

PLATFORMS
  ruby

DEPENDENCIES
  flay
  flog
  gosu
  rake
  rcov
  roodi
  rspec
